GEM
  remote: https://rubygems.org/
  remote: https://rubygems.byted.org/
  specs:
    CFPropertyList (3.0.3)
    EEScaffold (0.1.295)
      cocoapods (>= 1.6.0, < 1.11.0)
      cocoapods-downloader (>= 1.2.2, < 2.0)
      cocoapods-tos-speedup (= 0.0.125)
      csv (>= 1.0.0, < 2.0)
      datatea (= 0.1.134)
      deep_merge (>= 1.2.0, < 1.3)
      duplicate_symbol_checker (~> 0.3)
      fastlane (>= 2.104.0, < 3.0)
      git_clone_url (>= 2.0.0, < 3.0)
      gitlab (>= 4.7.0, < 5.0)
      gli (>= 2.18.0, < 3.0)
      httmultiparty (>= 0.3.16, < 1.0.0)
      http (>= 4.0.0, < 5.0)
      httparty (>= 0.16.3, < 1.0)
      lark-api (= 0.1.119)
      lark_pipeline_core (= 0.1.136)
      listen (>= 3.1.0, < 4.0)
      parallel (>= 1.12.1, < 2.0)
      parseconfig (>= 1.0.0, < 2.0)
      plist (>= 3.5.0, < 4.0)
      posix-spawn (>= 0.3.0, < 1.0)
      public_suffix (>= 2.0.0)
      ruby-graphviz (>= 1.2.4, < 1.3.0)
      scaffoldutils (= 0.1.123)
      sorbet-runtime
      terminal-table (>= 1.8.0, < 2.0)
      toscli (= 0.1.135)
      tty-command (>= 0.8.0, < 1.0)
      uuid (>= 2.3.0, < 3.0)
      versionomy (>= 0.5.0, < 1.0)
      virtus (>= 1.0.0, < 2.0)
      xcov (>= 1.5.0, < 2.0)
      xcpretty (<= 0.3.1.1)
    activesupport (4.2.11.3)
      i18n (~> 0.7)
      minitest (~> 5.1)
      thread_safe (~> 0.3, >= 0.3.4)
      tzinfo (~> 1.1)
    addressable (2.7.0)
      public_suffix (>= 2.0.2, < 5.0)
    algoliasearch (1.27.5)
      httpclient (~> 2.8, >= 2.8.3)
      json (>= 1.5.1)
    atomos (0.1.3)
    aws-eventstream (1.1.0)
    aws-partitions (1.405.0)
    aws-sdk-core (3.110.0)
      aws-eventstream (~> 1, >= 1.0.2)
      aws-partitions (~> 1, >= 1.239.0)
      aws-sigv4 (~> 1.1)
      jmespath (~> 1.0)
    aws-sdk-kms (1.39.0)
      aws-sdk-core (~> 3, >= 3.109.0)
      aws-sigv4 (~> 1.1)
    aws-sdk-s3 (1.86.0)
      aws-sdk-core (~> 3, >= 3.109.0)
      aws-sdk-kms (~> 1)
      aws-sigv4 (~> 1.1)
    aws-sigv4 (1.2.2)
      aws-eventstream (~> 1, >= 1.0.2)
    axiom-types (0.1.1)
      descendants_tracker (~> 0.0.4)
      ice_nine (~> 0.11.0)
      thread_safe (~> 0.3, >= 0.3.1)
    babosa (1.0.4)
    bdconsul (0.1.122)
      ipaddress
      json
      rest-client
    blockenspiel (0.5.0)
    brickwork (0.0.30)
      EEScaffold (>= 0.1.167, <= 1.0.0)
      fastlane
      fastlane-plugin-sentry
      fastlane-plugin-versioning
      gli (~> 2.18)
      mixlib-shellout
      parallel (>= 1.12.1, < 2.0)
      scaffoldutils (>= 0.1.14, <= 1.0.0)
    buff-ignore (1.2.0)
    chef-utils (16.8.9)
    childprocess (4.0.0)
    claide (1.0.3)
    cocoapods (1.8.4)
      activesupport (>= 4.0.2, < 5)
      claide (>= 1.0.2, < 2.0)
      cocoapods-core (= 1.8.4)
      cocoapods-deintegrate (>= 1.0.3, < 2.0)
      cocoapods-downloader (>= 1.2.2, < 2.0)
      cocoapods-plugins (>= 1.0.0, < 2.0)
      cocoapods-search (>= 1.0.0, < 2.0)
      cocoapods-stats (>= 1.0.0, < 2.0)
      cocoapods-trunk (>= 1.4.0, < 2.0)
      cocoapods-try (>= 1.1.0, < 2.0)
      colored2 (~> 3.1)
      escape (~> 0.0.4)
      fourflusher (>= 2.3.0, < 3.0)
      gh_inspector (~> 1.0)
      molinillo (~> 0.6.6)
      nap (~> 1.0)
      ruby-macho (~> 1.4)
      xcodeproj (>= 1.11.1, < 2.0)
    cocoapods-amicable (0.3.0)
    cocoapods-core (1.8.4)
      activesupport (>= 4.0.2, < 6)
      algoliasearch (~> 1.0)
      concurrent-ruby (~> 1.1)
      fuzzy_match (~> 2.0.4)
      nap (~> 1.0)
    cocoapods-deintegrate (1.0.4)
    cocoapods-downloader (1.4.0)
    cocoapods-plugins (1.0.0)
      nap
    cocoapods-search (1.0.0)
    cocoapods-stats (1.1.0)
    cocoapods-tos-speedup (0.0.125)
      datatea (= 0.1.134)
      ip_locator_cn
      scaffoldutils (= 0.1.123)
      toscli (= 0.1.135)
    cocoapods-trunk (1.5.0)
      nap (>= 0.8, < 2.0)
      netrc (~> 0.11)
    cocoapods-try (1.2.0)
    coercible (1.0.0)
      descendants_tracker (~> 0.0.1)
    colored (1.2)
    colored2 (3.1.2)
    commander-fastlane (4.4.6)
      highline (~> 1.7.2)
    concurrent-ruby (1.1.7)
    csv (1.0.2)
    datatea (0.1.134)
      git
      httparty
      mac_address
      macaddr
      mixlib-shellout
      os
      scaffoldutils (= 0.1.123)
      sorbet-runtime
    declarative (0.0.20)
    declarative-option (0.1.0)
    deep_merge (1.2.1)
    descendants_tracker (0.0.4)
      thread_safe (~> 0.3, >= 0.3.1)
    digest-crc (0.6.2)
      rake (~> 12.0)
    domain_name (0.5.20190701)
      unf (>= 0.0.5, < 1.0.0)
    dotenv (2.7.6)
    duplicate_symbol_checker (0.3.1)
    emoji_regex (1.0.1)
    equalizer (0.0.11)
    escape (0.0.4)
    excon (0.78.1)
    faraday (1.1.0)
      multipart-post (>= 1.2, < 3)
      ruby2_keywords
    faraday-cookie_jar (0.0.7)
      faraday (>= 0.8.0)
      http-cookie (~> 1.0.0)
    faraday_middleware (1.0.0)
      faraday (~> 1.0)
    fastimage (2.2.0)
    fastlane (2.149.1)
      CFPropertyList (>= 2.3, < 4.0.0)
      addressable (>= 2.3, < 3.0.0)
      aws-sdk-s3 (~> 1.0)
      babosa (>= 1.0.2, < 2.0.0)
      bundler (>= 1.12.0, < 3.0.0)
      colored
      commander-fastlane (>= 4.4.6, < 5.0.0)
      dotenv (>= 2.1.1, < 3.0.0)
      emoji_regex (>= 0.1, < 2.0)
      excon (>= 0.71.0, < 1.0.0)
      faraday (>= 0.17, < 2.0)
      faraday-cookie_jar (~> 0.0.6)
      faraday_middleware (>= 0.13.1, < 2.0)
      fastimage (>= 2.1.0, < 3.0.0)
      gh_inspector (>= 1.1.2, < 2.0.0)
      google-api-client (>= 0.37.0, < 0.39.0)
      google-cloud-storage (>= 1.15.0, < 2.0.0)
      highline (>= 1.7.2, < 2.0.0)
      json (< 3.0.0)
      jwt (~> 2.1.0)
      mini_magick (>= 4.9.4, < 5.0.0)
      multi_xml (~> 0.5)
      multipart-post (~> 2.0.0)
      plist (>= 3.1.0, < 4.0.0)
      public_suffix (~> 2.0.0)
      rubyzip (>= 1.3.0, < 2.0.0)
      security (= 0.1.3)
      simctl (~> 1.6.3)
      slack-notifier (>= 2.0.0, < 3.0.0)
      terminal-notifier (>= 2.0.0, < 3.0.0)
      terminal-table (>= 1.4.5, < 2.0.0)
      tty-screen (>= 0.6.3, < 1.0.0)
      tty-spinner (>= 0.8.0, < 1.0.0)
      word_wrap (~> 1.0.0)
      xcodeproj (>= 1.13.0, < 2.0.0)
      xcpretty (~> 0.3.0)
      xcpretty-travis-formatter (>= 0.0.3)
    fastlane-plugin-sentry (1.7.0)
    fastlane-plugin-versioning (0.4.4)
    ffi (1.13.0)
    ffi-compiler (1.0.1)
      ffi (>= 1.0.0)
      rake
    fourflusher (2.3.1)
    fuzzy_match (2.0.4)
    gh_inspector (1.1.3)
    git (1.7.0)
      rchardet (~> 1.8)
    git_clone_url (2.0.0)
      uri-ssh_git (>= 2.0)
    gitlab (4.17.0)
      httparty (~> 0.18)
      terminal-table (~> 1.5, >= 1.5.1)
    gli (2.19.2)
    google-api-client (0.38.0)
      addressable (~> 2.5, >= 2.5.1)
      googleauth (~> 0.9)
      httpclient (>= 2.8.1, < 3.0)
      mini_mime (~> 1.0)
      representable (~> 3.0)
      retriable (>= 2.0, < 4.0)
      signet (~> 0.12)
    google-cloud-core (1.5.0)
      google-cloud-env (~> 1.0)
      google-cloud-errors (~> 1.0)
    google-cloud-env (1.4.0)
      faraday (>= 0.17.3, < 2.0)
    google-cloud-errors (1.0.1)
    google-cloud-storage (1.29.1)
      addressable (~> 2.5)
      digest-crc (~> 0.4)
      google-api-client (~> 0.33)
      google-cloud-core (~> 1.2)
      googleauth (~> 0.9)
      mini_mime (~> 1.0)
    googleauth (0.14.0)
      faraday (>= 0.17.3, < 2.0)
      jwt (>= 1.4, < 3.0)
      memoist (~> 0.16)
      multi_json (~> 1.11)
      os (>= 0.9, < 2.0)
      signet (~> 0.14)
    highline (1.7.10)
    httmultiparty (0.3.16)
      httparty (>= 0.7.3)
      mimemagic
      multipart-post
    http (4.4.1)
      addressable (~> 2.3)
      http-cookie (~> 1.0)
      http-form_data (~> 2.2)
      http-parser (~> 1.2.0)
    http-accept (1.7.0)
    http-cookie (1.0.3)
      domain_name (~> 0.5)
    http-form_data (2.3.0)
    http-parser (1.2.2)
      ffi-compiler
    httparty (0.18.1)
      mime-types (~> 3.0)
      multi_xml (>= 0.5.2)
    httpclient (2.8.3)
    i18n (0.9.5)
      concurrent-ruby (~> 1.0)
    ice_nine (0.11.2)
    iniparse (1.5.0)
    ip_locator_cn (0.2.0)
    ipaddress (0.8.3)
    jmespath (1.4.0)
    json (2.3.1)
    jwt (2.1.0)
    lark-api (0.1.119)
      httparty
    lark_pipeline_core (0.1.136)
      datatea (= 0.1.134)
      git
      gli
      json
      overcommit
      rest-client
      scaffoldutils (= 0.1.123)
      sentry-raven
      versionomy
    listen (3.3.3)
      rb-fsevent (~> 0.10, >= 0.10.3)
      rb-inotify (~> 0.9, >= 0.9.10)
    mac_address (0.0.4)
      str_quote
    macaddr (1.7.2)
      systemu (~> 2.6.5)
    memoist (0.16.2)
    mime-types (3.3.1)
      mime-types-data (~> 3.2015)
    mime-types-data (3.2020.1104)
    mimemagic (0.3.5)
    mini_magick (4.11.0)
    mini_mime (1.0.2)
    minitest (5.14.2)
    mixlib-shellout (3.2.2)
      chef-utils
    molinillo (0.6.6)
    multi_json (1.15.0)
    multi_xml (0.6.0)
    multipart-post (2.0.0)
    nanaimo (0.3.0)
    nap (1.1.0)
    naturally (2.2.0)
    netrc (0.11.0)
    os (1.1.1)
    overcommit (0.57.0)
      childprocess (>= 0.6.3, < 5)
      iniparse (~> 1.4)
    parallel (1.20.1)
    parseconfig (1.0.8)
    pastel (0.8.0)
      tty-color (~> 0.5)
    plist (3.5.0)
    posix-spawn (0.3.15)
    public_suffix (2.0.5)
    rake (12.3.3)
    rb-fsevent (0.10.4)
    rb-inotify (0.10.1)
      ffi (~> 1.0)
    rchardet (1.8.0)
    representable (3.0.4)
      declarative (< 0.1.0)
      declarative-option (< 0.2.0)
      uber (< 0.2.0)
    rest-client (2.1.0)
      http-accept (>= 1.7.0, < 2.0)
      http-cookie (>= 1.0.2, < 2.0)
      mime-types (>= 1.16, < 4.0)
      netrc (~> 0.8)
    retriable (3.1.2)
    rexml (3.2.4)
    rouge (2.0.7)
    ruby-graphviz (1.2.5)
      rexml
    ruby-macho (1.4.0)
    ruby2_keywords (0.0.2)
    rubyzip (1.3.0)
    scaffoldutils (0.1.123)
      activesupport
      buff-ignore (>= 1.2.0, < 2.0)
      colored2 (~> 3.1)
      mixlib-shellout
      sorbet-runtime
      uuid
    security (0.1.3)
    sentry-raven (3.1.1)
      faraday (>= 1.0)
    signet (0.14.0)
      addressable (~> 2.3)
      faraday (>= 0.17.3, < 2.0)
      jwt (>= 1.5, < 3.0)
      multi_json (~> 1.10)
    simctl (1.6.8)
      CFPropertyList
      naturally
    slack-notifier (2.3.2)
    sorbet-runtime (0.5.6141)
    str_quote (0.0.3)
    strings-ansi (0.1.0)
    systemu (2.6.5)
    terminal-notifier (2.0.0)
    terminal-table (1.8.0)
      unicode-display_width (~> 1.1, >= 1.1.1)
    thread_safe (0.3.6)
    tos (0.1.124)
      bdconsul (= 0.1.122)
    toscli (0.1.135)
      rubyzip (>= 1.2.0, < 2.0)
      scaffoldutils (= 0.1.123)
      tos (= 0.1.124)
      tty-progressbar
      uuid (>= 2.3.0, < 3.0)
    tty-color (0.6.0)
    tty-command (0.10.0)
      pastel (~> 0.8)
    tty-cursor (0.7.1)
    tty-progressbar (0.17.0)
      strings-ansi (~> 0.1.0)
      tty-cursor (~> 0.7)
      tty-screen (~> 0.7)
      unicode-display_width (~> 1.6)
    tty-screen (0.8.1)
    tty-spinner (0.9.3)
      tty-cursor (~> 0.7)
    tzinfo (1.2.8)
      thread_safe (~> 0.1)
    uber (0.1.0)
    unf (0.1.4)
      unf_ext
    unf_ext (0.0.7.7)
    unicode-display_width (1.7.0)
    uri-ssh_git (2.0.0)
    uuid (2.3.9)
      macaddr (~> 1.0)
    versionomy (0.5.0)
      blockenspiel (~> 0.5)
    virtus (1.0.5)
      axiom-types (~> 0.1)
      coercible (~> 1.0)
      descendants_tracker (~> 0.0, >= 0.0.3)
      equalizer (~> 0.0, >= 0.0.9)
    word_wrap (1.0.0)
    xcode-install (2.6.8)
      claide (>= 0.9.1, < 1.1.0)
      fastlane (>= 2.1.0, < 3.0.0)
    xcodeproj (1.19.0)
      CFPropertyList (>= 2.3.3, < 4.0)
      atomos (~> 0.1.3)
      claide (>= 1.0.2, < 2.0)
      colored2 (~> 3.1)
      nanaimo (~> 0.3.0)
    xcov (1.7.5)
      fastlane (>= 2.141.0, < 3.0.0)
      multipart-post
      slack-notifier
      terminal-table
      xcodeproj
      xcresult (~> 0.2.0)
    xcpretty (0.3.1.1)
      rouge (~> 2.0.7)
    xcpretty-travis-formatter (1.0.0)
      xcpretty (~> 0.2, >= 0.0.7)
    xcresult (0.2.1)

PLATFORMS
  ruby

DEPENDENCIES
  EEScaffold (>= 0.1.266)
  brickwork
  cocoapods (= 1.8.4)
  cocoapods-amicable (~> 0.3.0)
  ffi (= 1.13.0)
  xcode-install
  xcpretty (= 0.3.1.1)

BUNDLED WITH
   2.1.4
