GIT
  remote: git@code.byted.org:lark/ios-lark-project-mirror.git
  revision: e0d87cf4d446b49b8b545627b3d7c485074c0bef
  branch: develop
  specs:
    lark-project (0.1.1)
      EEScaffold (>= 0.1.404)
      cocoapods
      cocoapods-dancecc-toolchain (>= 0.2.1)
      cocoapods-downloader-sharedcache (>= 0.1.1)
      cocoapods-remote-resolve (>= 0.1.11)
      lark_mod_manager (>= 0.1.34)
      rubycli (>= 0.2.4)
      seer-optimize (<= 1.0.2.alpha.15)

GEM
  remote: https://rubygems.byted.org/
  specs:
    CFPropertyList (3.0.5)
      rexml
    EEScaffold (0.1.448)
      cocoapods (>= 1.6.0, < 1.12.0)
      cocoapods-tos-speedup (>= 0.0.178)
      csv (>= 1.0.0, < 2.0)
      datatea (>= 0.1.182)
      deep_merge (>= 1.2.0, < 1.3)
      duplicate_symbol_checker (~> 0.3, >= 0.3.2)
      fastlane (>= 2.104.0, < 3.0)
      git_clone_url (>= 2.0.0, < 3.0)
      gli (>= 2.18.0, < 3.0)
      http (>= 4.0.0, < 5.0)
      httparty (>= 0.16.3, < 1.0)
      lark-api (>= 0.1.172)
      lark_pipeline_core (>= 0.1.179)
      listen (>= 3.1.0, < 4.0)
      parallel (>= 1.12.1, < 2.0)
      parseconfig (>= 1.0.0, < 2.0)
      plist (>= 3.5.0, < 4.0)
      pod_group
      ruby-graphviz (>= 1.2.4, < 1.3.0)
      scaffoldutils (>= 0.1.166)
      sentry-raven
      terminal-table (>= 1.8.0, < 2.0)
      toscli (>= 0.1.188)
      uuid (>= 2.3.0, < 3.0)
      versionomy (>= 0.5.0, < 1.0)
    activesupport (6.1.4.1)
      concurrent-ruby (~> 1.0, >= 1.0.2)
      i18n (>= 1.6, < 2)
      minitest (>= 5.1)
      tzinfo (~> 2.0)
      zeitwerk (~> 2.3)
    addressable (2.8.0)
      public_suffix (>= 2.0.2, < 5.0)
    algoliasearch (1.27.5)
      httpclient (~> 2.8, >= 2.8.3)
      json (>= 1.5.1)
    artifactory (3.0.15)
    atomos (0.1.3)
    aws-eventstream (1.2.0)
    aws-partitions (1.604.0)
    aws-sdk-core (3.131.5)
      aws-eventstream (~> 1, >= 1.0.2)
      aws-partitions (~> 1, >= 1.525.0)
      aws-sigv4 (~> 1.1)
      jmespath (~> 1, >= 1.6.1)
    aws-sdk-kms (1.57.0)
      aws-sdk-core (~> 3, >= 3.127.0)
      aws-sigv4 (~> 1.1)
    aws-sdk-s3 (1.109.0)
      aws-sdk-core (~> 3, >= 3.122.0)
      aws-sdk-kms (~> 1)
      aws-sigv4 (~> 1.4)
    aws-sigv4 (1.5.1)
      aws-eventstream (~> 1, >= 1.0.2)
    babosa (1.0.4)
    blockenspiel (0.5.0)
    brickwork (0.0.37)
      EEScaffold (>= 0.1.167, <= 1.0.0)
      fastlane
      fastlane-plugin-sentry
      fastlane-plugin-versioning
      gli (~> 2.18)
      mixlib-shellout
      parallel (>= 1.12.1, < 2.0)
      scaffoldutils (>= 0.1.14, <= 1.0.0)
    buff-ignore (1.2.0)
    chef-utils (16.6.14)
    childprocess (4.1.0)
    claide (1.1.0)
    cocoapods (1.11.2)
      addressable (~> 2.8)
      claide (>= 1.0.2, < 2.0)
      cocoapods-core (= 1.11.2)
      cocoapods-deintegrate (>= 1.0.3, < 2.0)
      cocoapods-downloader (>= 1.4.0, < 2.0)
      cocoapods-plugins (>= 1.0.0, < 2.0)
      cocoapods-search (>= 1.0.0, < 2.0)
      cocoapods-trunk (>= 1.4.0, < 2.0)
      cocoapods-try (>= 1.1.0, < 2.0)
      colored2 (~> 3.1)
      escape (~> 0.0.4)
      fourflusher (>= 2.3.0, < 3.0)
      gh_inspector (~> 1.0)
      molinillo (~> 0.8.0)
      nap (~> 1.0)
      ruby-macho (>= 1.0, < 3.0)
      xcodeproj (>= 1.21.0, < 2.0)
    cocoapods-core (1.11.2)
      activesupport (>= 5.0, < 7)
      addressable (~> 2.8)
      algoliasearch (~> 1.0)
      concurrent-ruby (~> 1.1)
      fuzzy_match (~> 2.0.4)
      nap (~> 1.0)
      netrc (~> 0.11)
      public_suffix (~> 4.0)
      typhoeus (~> 1.0)
    cocoapods-dancecc-toolchain (0.3.2)
      mac_address
      macaddr
    cocoapods-deintegrate (1.0.5)
    cocoapods-downloader (1.6.3)
    cocoapods-downloader-sharedcache (0.1.2)
      cocoapods
      faraday (< 2.0)
      faraday_middleware
      toscli
    cocoapods-optimize (3.0.0.seer.3)
    cocoapods-plugins (1.0.0)
      nap
    cocoapods-remote-resolve (0.1.33)
      cocoapods
      seer-hummer-apm
    cocoapods-search (1.0.1)
    cocoapods-tos-speedup (0.0.188)
      datatea (>= 0.1.177)
      ip_locator_cn
      scaffoldutils (>= 0.1.166)
      toscli (>= 0.1.188)
    cocoapods-trunk (1.6.0)
      nap (>= 0.8, < 2.0)
      netrc (~> 0.11)
    cocoapods-try (1.2.0)
    colored (1.2)
    colored2 (3.1.2)
    commander (4.6.0)
      highline (~> 2.0.0)
    concurrent-ruby (1.1.10)
    csv (1.0.2)
    datatea (0.1.184)
      git
      httparty
      mac_address
      macaddr
      mixlib-shellout
      os
      scaffoldutils (>= 0.1.166)
    declarative (0.0.20)
    deep_merge (1.2.2)
    digest-crc (0.6.4)
      rake (>= 12.0.0, < 14.0.0)
    domain_name (0.5.20190701)
      unf (>= 0.0.5, < 1.0.0)
    dotenv (2.7.6)
    duplicate_symbol_checker (0.3.2)
    emoji_regex (3.2.3)
    escape (0.0.4)
    ethon (0.12.0)
      ffi (>= 1.3.0)
    excon (0.92.3)
    faraday (1.8.0)
      faraday-em_http (~> 1.0)
      faraday-em_synchrony (~> 1.0)
      faraday-excon (~> 1.1)
      faraday-httpclient (~> 1.0.1)
      faraday-net_http (~> 1.0)
      faraday-net_http_persistent (~> 1.1)
      faraday-patron (~> 1.0)
      faraday-rack (~> 1.0)
      multipart-post (>= 1.2, < 3)
      ruby2_keywords (>= 0.0.4)
    faraday-cookie_jar (0.0.7)
      faraday (>= 0.8.0)
      http-cookie (~> 1.0.0)
    faraday-em_http (1.0.0)
    faraday-em_synchrony (1.0.0)
    faraday-excon (1.1.0)
    faraday-httpclient (1.0.1)
    faraday-net_http (1.0.1)
    faraday-net_http_persistent (1.2.0)
    faraday-patron (1.0.0)
    faraday-rack (1.0.0)
    faraday_middleware (1.2.0)
      faraday (~> 1.0)
    fastimage (2.2.5)
    fastlane (2.208.0)
      CFPropertyList (>= 2.3, < 4.0.0)
      addressable (>= 2.8, < 3.0.0)
      artifactory (~> 3.0)
      aws-sdk-s3 (~> 1.0)
      babosa (>= 1.0.3, < 2.0.0)
      bundler (>= 1.12.0, < 3.0.0)
      colored
      commander (~> 4.6)
      dotenv (>= 2.1.1, < 3.0.0)
      emoji_regex (>= 0.1, < 4.0)
      excon (>= 0.71.0, < 1.0.0)
      faraday (~> 1.0)
      faraday-cookie_jar (~> 0.0.6)
      faraday_middleware (~> 1.0)
      fastimage (>= 2.1.0, < 3.0.0)
      gh_inspector (>= 1.1.2, < 2.0.0)
      google-apis-androidpublisher_v3 (~> 0.3)
      google-apis-playcustomapp_v1 (~> 0.1)
      google-cloud-storage (~> 1.31)
      highline (~> 2.0)
      json (< 3.0.0)
      jwt (>= 2.1.0, < 3)
      mini_magick (>= 4.9.4, < 5.0.0)
      multipart-post (~> 2.0.0)
      naturally (~> 2.2)
      optparse (~> 0.1.1)
      plist (>= 3.1.0, < 4.0.0)
      rubyzip (>= 2.0.0, < 3.0.0)
      security (= 0.1.3)
      simctl (~> 1.6.3)
      terminal-notifier (>= 2.0.0, < 3.0.0)
      terminal-table (>= 1.4.5, < 2.0.0)
      tty-screen (>= 0.6.3, < 1.0.0)
      tty-spinner (>= 0.8.0, < 1.0.0)
      word_wrap (~> 1.0.0)
      xcodeproj (>= 1.13.0, < 2.0.0)
      xcpretty (~> 0.3.0)
      xcpretty-travis-formatter (>= 0.0.3)
    fastlane-plugin-sentry (1.11.0)
    fastlane-plugin-versioning (0.5.0)
    ffi (1.14.0)
    ffi-compiler (1.0.1)
      ffi (>= 1.0.0)
      rake
    fourflusher (2.3.1)
    fuzzy_match (2.0.4)
    gh_inspector (1.1.3)
    git (1.11.0)
      rchardet (~> 1.8)
    git_clone_url (2.0.0)
      uri-ssh_git (>= 2.0)
    gli (2.21.0)
    google-apis-androidpublisher_v3 (0.25.0)
      google-apis-core (>= 0.7, < 2.a)
    google-apis-core (0.7.0)
      addressable (~> 2.5, >= 2.5.1)
      googleauth (>= 0.16.2, < 2.a)
      httpclient (>= 2.8.1, < 3.a)
      mini_mime (~> 1.0)
      representable (~> 3.0)
      retriable (>= 2.0, < 4.a)
      rexml
      webrick
    google-apis-iamcredentials_v1 (0.13.0)
      google-apis-core (>= 0.7, < 2.a)
    google-apis-playcustomapp_v1 (0.10.0)
      google-apis-core (>= 0.7, < 2.a)
    google-apis-storage_v1 (0.18.0)
      google-apis-core (>= 0.7, < 2.a)
    google-cloud-core (1.6.0)
      google-cloud-env (~> 1.0)
      google-cloud-errors (~> 1.0)
    google-cloud-env (1.6.0)
      faraday (>= 0.17.3, < 3.0)
    google-cloud-errors (1.2.0)
    google-cloud-storage (1.36.2)
      addressable (~> 2.8)
      digest-crc (~> 0.4)
      google-apis-iamcredentials_v1 (~> 0.1)
      google-apis-storage_v1 (~> 0.1)
      google-cloud-core (~> 1.6)
      googleauth (>= 0.16.2, < 2.a)
      mini_mime (~> 1.0)
    googleauth (1.1.3)
      faraday (>= 0.17.3, < 3.a)
      jwt (>= 1.4, < 3.0)
      memoist (~> 0.16)
      multi_json (~> 1.11)
      os (>= 0.9, < 2.0)
      signet (>= 0.16, < 2.a)
    highline (2.0.3)
    http (4.4.1)
      addressable (~> 2.3)
      http-cookie (~> 1.0)
      http-form_data (~> 2.2)
      http-parser (~> 1.2.0)
    http-accept (1.7.0)
    http-cookie (1.0.5)
      domain_name (~> 0.5)
    http-form_data (2.3.0)
    http-parser (1.2.3)
      ffi-compiler (>= 1.0, < 2.0)
    httparty (0.20.0)
      mime-types (~> 3.0)
      multi_xml (>= 0.5.2)
    httpclient (2.8.3)
    i18n (1.11.0)
      concurrent-ruby (~> 1.0)
    iniparse (1.5.0)
    ip_locator_cn (0.2.0)
    jmespath (1.6.1)
    json (2.3.1)
    jwt (2.4.1)
    lark-api (0.1.176)
      httparty
    lark_mod_manager (0.1.34)
      cocoapods
    lark_pipeline_core (0.1.186)
      datatea (>= 0.1.177)
      git
      gli
      json
      overcommit
      rest-client
      scaffoldutils (>= 0.1.166)
      sentry-raven
      versionomy
    listen (3.7.1)
      rb-fsevent (~> 0.10, >= 0.10.3)
      rb-inotify (~> 0.9, >= 0.9.10)
    mac_address (0.0.4)
      str_quote
    macaddr (1.7.2)
      systemu (~> 2.6.5)
    memoist (0.16.2)
    mime-types (3.4.1)
      mime-types-data (~> 3.2015)
    mime-types-data (3.2022.0105)
    mini_magick (4.11.0)
    mini_mime (1.1.2)
    minitest (5.16.2)
    mixlib-shellout (3.2.7)
      chef-utils
    molinillo (0.8.0)
    multi_json (1.15.0)
    multi_xml (0.6.0)
    multipart-post (2.0.0)
    nanaimo (0.3.0)
    nap (1.1.0)
    naturally (2.2.1)
    netrc (0.11.0)
    optparse (0.1.1)
    os (1.1.4)
    overcommit (0.59.1)
      childprocess (>= 0.6.3, < 5)
      iniparse (~> 1.4)
      rexml (~> 3.2)
    parallel (1.22.1)
    parseconfig (1.1.2)
    plist (3.6.0)
    pod_group (0.2.4)
      colored2
      molinillo
      rubycli
    public_suffix (4.0.7)
    rake (13.0.6)
    rb-fsevent (0.11.1)
    rb-inotify (0.10.1)
      ffi (~> 1.0)
    rchardet (1.8.0)
    representable (3.1.1)
      declarative (< 0.1.0)
      trailblazer-option (>= 0.1.1, < 0.2.0)
      uber (< 0.2.0)
    rest-client (2.1.0)
      http-accept (>= 1.7.0, < 2.0)
      http-cookie (>= 1.0.2, < 2.0)
      mime-types (>= 1.16, < 4.0)
      netrc (~> 0.8)
    retriable (3.1.2)
    rexml (3.2.5)
    rouge (2.0.7)
    ruby-graphviz (1.2.5)
      rexml
    ruby-macho (2.5.1)
    ruby2_keywords (0.0.5)
    rubycli (0.2.4)
    rubyzip (2.3.2)
    scaffoldutils (0.1.174)
      buff-ignore (>= 1.2.0, < 2.0)
      colored2 (~> 3.1)
      mixlib-shellout
      uuid
    security (0.1.3)
    seer (1.0.0)
      cocoapods (>= 1.7.0)
    seer-hummer-apm (0.0.37)
      cocoapods (>= 1.7.0)
      seer
      seer-hummer-hooks (>= 0.0.39)
      seer-hummer-trace-tools (>= 0.0.14)
    seer-hummer-hooks (0.0.40)
      cocoapods (>= 1.7.0)
      seer
      seer-hummer-trace-tools (>= 0.0.14)
    seer-hummer-trace-tools (0.0.15)
      cocoapods (>= 1.7.0)
      seer
    seer-optimize (1.0.1)
      cocoapods (>= 1.7.0)
      cocoapods-optimize (= 3.0.0.seer.3)
      work_queue
    sentry-raven (3.1.2)
      faraday (>= 1.0)
    signet (0.16.1)
      addressable (~> 2.8)
      faraday (>= 0.17.5, < 3.0)
      jwt (>= 1.5, < 3.0)
      multi_json (~> 1.10)
    simctl (1.6.8)
      CFPropertyList
      naturally
    slack-notifier (2.4.0)
    str_quote (0.0.3)
    strings-ansi (0.2.0)
    systemu (2.6.5)
    terminal-notifier (2.0.0)
    terminal-table (1.8.0)
      unicode-display_width (~> 1.1, >= 1.1.1)
    tos (0.1.188)
      faraday_middleware (~> 1.0)
    toscli (0.1.198)
      scaffoldutils (>= 0.1.166)
      tos (>= 0.1.177)
      tty-progressbar
      uuid (>= 2.3.0, < 3.0)
    trailblazer-option (0.1.2)
    tty-cursor (0.7.1)
    tty-progressbar (0.18.2)
      strings-ansi (~> 0.2)
      tty-cursor (~> 0.7)
      tty-screen (~> 0.8)
      unicode-display_width (>= 1.6, < 3.0)
    tty-screen (0.8.1)
    tty-spinner (0.9.3)
      tty-cursor (~> 0.7)
    typhoeus (1.4.0)
      ethon (>= 0.9.0)
    tzinfo (2.0.4)
      concurrent-ruby (~> 1.0)
    uber (0.1.0)
    unf (0.1.4)
      unf_ext
    unf_ext (0.0.8.2)
    unicode-display_width (1.8.0)
    uri-ssh_git (2.0.0)
    uuid (2.3.9)
      macaddr (~> 1.0)
    versionomy (0.5.0)
      blockenspiel (~> 0.5)
    webrick (1.7.0)
    word_wrap (1.0.0)
    work_queue (2.5.4)
    xcodeproj (1.21.0)
      CFPropertyList (>= 2.3.3, < 4.0)
      atomos (~> 0.1.3)
      claide (>= 1.0.2, < 2.0)
      colored2 (~> 3.1)
      nanaimo (~> 0.3.0)
      rexml (~> 3.2.4)
    xcov (1.7.5)
      fastlane (>= 2.141.0, < 3.0.0)
      multipart-post
      slack-notifier
      terminal-table
      xcodeproj
      xcresult (~> 0.2.0)
    xcpretty (0.3.1.1)
      rouge (~> 2.0.7)
    xcpretty-travis-formatter (1.0.1)
      xcpretty (~> 0.2, >= 0.0.7)
    xcresult (0.2.1)
    zeitwerk (2.5.1)

PLATFORMS
  ruby

DEPENDENCIES
  EEScaffold (>= 0.1.266)
  brickwork
  chef-utils (= 16.6.14)
  cocoapods (= 1.11.2)
  cocoapods-remote-resolve (>= 0.1.2)
  fastlane
  ffi (= 1.14.0)
  json (= 2.3.1)
  lark-project!
  lark_mod_manager
  rake
  xcov
  xcpretty (= 0.3.1.1)

BUNDLED WITH
   2.3.8
