PATH
  remote: ../../../bin/lib/lark-project
  specs:
    lark-project (0.1.1)
      EEScaffold (>= 0.1.404)
      cocoapods
      cocoapods-dancecc-toolchain (>= 0.2.1)
      cocoapods-downloader-sharedcache (>= 0.1.1)
      cocoapods-remote-resolve (>= 0.1.11)
      lark_mod_manager (>= 0.1.34)
      rubycli (>= 0.2.4)
      seer-optimize

GEM
  remote: https://rubygems.byted.org/
  specs:
    CFPropertyList (3.0.6)
      rexml
    EEScaffold (0.1.476)
      apple-utils
      cocoapods (>= 1.6.0, < 1.13.0)
      cocoapods-tos-speedup (>= 0.0.178)
      datatea (>= 0.1.182)
      deep_merge (>= 1.2.0, < 1.3)
      duplicate_symbol_checker (~> 0.3, >= 0.3.2)
      faraday_middleware (>= 1.0, < 3.0)
      fastlane (>= 2.104.0, < 3.0)
      git_clone_url (>= 2.0.0, < 3.0)
      gli (>= 2.18.0, < 3.0)
      httparty (>= 0.16.3, < 1.0)
      lark-api (>= 0.1.172)
      lark_pipeline_core (>= 0.1.179)
      listen (>= 3.1.0, < 4.0)
      parallel (>= 1.12.1, < 2.0)
      parseconfig (>= 1.0.0, < 2.0)
      pod_group
      ruby-graphviz (>= 1.2.4, < 1.3.0)
      scaffoldutils (>= 0.1.175)
      sentry-raven
      starling_i18n-ios-lark
      terminal-table (>= 1.8.0, < 2.0)
      toscli (>= 0.1.188)
      uuid (>= 2.3.0, < 3.0)
      versionomy (>= 0.5.0, < 1.0)
    activesupport (7.0.4.3)
      concurrent-ruby (~> 1.0, >= 1.0.2)
      i18n (>= 1.6, < 2)
      minitest (>= 5.1)
      tzinfo (~> 2.0)
    addressable (2.8.4)
      public_suffix (>= 2.0.2, < 6.0)
    algoliasearch (1.27.5)
      httpclient (~> 2.8, >= 2.8.3)
      json (>= 1.5.1)
    apple-utils (0.1.4)
    artifactory (3.0.15)
    atomos (0.1.3)
    aweme-tos (0.2.4)
    aws-eventstream (1.2.0)
    aws-partitions (1.759.0)
    aws-sdk-core (3.171.0)
      aws-eventstream (~> 1, >= 1.0.2)
      aws-partitions (~> 1, >= 1.651.0)
      aws-sigv4 (~> 1.5)
      jmespath (~> 1, >= 1.6.1)
    aws-sdk-kms (1.64.0)
      aws-sdk-core (~> 3, >= 3.165.0)
      aws-sigv4 (~> 1.1)
    aws-sdk-s3 (1.121.0)
      aws-sdk-core (~> 3, >= 3.165.0)
      aws-sdk-kms (~> 1)
      aws-sigv4 (~> 1.4)
    aws-sigv4 (1.5.2)
      aws-eventstream (~> 1, >= 1.0.2)
    babosa (1.0.4)
    bdconsul (0.2.1)
    blockenspiel (0.5.0)
    buff-ignore (1.2.0)
    chef-utils (18.2.7)
      concurrent-ruby
    childprocess (4.1.0)
    claide (1.1.0)
    cocoapods (1.12.0)
      addressable (~> 2.8)
      claide (>= 1.0.2, < 2.0)
      cocoapods-core (= 1.12.0)
      cocoapods-deintegrate (>= 1.0.3, < 2.0)
      cocoapods-downloader (>= 1.6.0, < 2.0)
      cocoapods-plugins (>= 1.0.0, < 2.0)
      cocoapods-search (>= 1.0.0, < 2.0)
      cocoapods-trunk (>= 1.6.0, < 2.0)
      cocoapods-try (>= 1.1.0, < 2.0)
      colored2 (~> 3.1)
      escape (~> 0.0.4)
      fourflusher (>= 2.3.0, < 3.0)
      gh_inspector (~> 1.0)
      molinillo (~> 0.8.0)
      nap (~> 1.0)
      ruby-macho (>= 2.3.0, < 3.0)
      xcodeproj (>= 1.21.0, < 2.0)
    cocoapods-core (1.12.0)
      activesupport (>= 5.0, < 8)
      addressable (~> 2.8)
      algoliasearch (~> 1.0)
      concurrent-ruby (~> 1.1)
      fuzzy_match (~> 2.0.4)
      nap (~> 1.0)
      netrc (~> 0.11)
      public_suffix (~> 4.0)
      typhoeus (~> 1.0)
    cocoapods-dancecc-toolchain (0.3.5)
      cocoapods
      mac_address
      macaddr
    cocoapods-deintegrate (1.0.5)
    cocoapods-downloader (1.6.3)
    cocoapods-downloader-sharedcache (0.1.3)
      cocoapods
      faraday (< 3.0, != 2.0.0)
      faraday_middleware
      toscli
    cocoapods-optimize (3.0.0.seer.3)
    cocoapods-plugins (1.0.0)
      nap
    cocoapods-remote-resolve (0.1.54)
      cocoapods (> 1.8)
      seer-hummer-apm
    cocoapods-search (1.0.1)
    cocoapods-tos-speedup (0.0.189)
      datatea (>= 0.1.177)
      ip_locator_cn
      scaffoldutils (>= 0.1.166)
      toscli (>= 0.1.188)
    cocoapods-trunk (1.6.0)
      nap (>= 0.8, < 2.0)
      netrc (~> 0.11)
    cocoapods-try (1.2.0)
    colored (1.2)
    colored2 (3.1.2)
    commander (4.6.0)
      highline (~> 2.0.0)
    concurrent-ruby (1.2.2)
    datatea (0.1.185)
      git
      httparty
      mac_address
      macaddr
      mixlib-shellout
      os
      scaffoldutils (>= 0.1.166)
    declarative (0.0.20)
    deep_merge (1.2.2)
    digest-crc (0.6.4)
      rake (>= 12.0.0, < 14.0.0)
    domain_name (0.5.20190701)
      unf (>= 0.0.5, < 1.0.0)
    dotenv (2.7.6)
    duplicate_symbol_checker (0.3.2)
    emoji_regex (3.2.3)
    escape (0.0.4)
    ethon (0.16.0)
      ffi (>= 1.15.0)
    excon (0.99.0)
    faraday (1.8.0)
      faraday-em_http (~> 1.0)
      faraday-em_synchrony (~> 1.0)
      faraday-excon (~> 1.1)
      faraday-httpclient (~> 1.0.1)
      faraday-net_http (~> 1.0)
      faraday-net_http_persistent (~> 1.1)
      faraday-patron (~> 1.0)
      faraday-rack (~> 1.0)
      multipart-post (>= 1.2, < 3)
      ruby2_keywords (>= 0.0.4)
    faraday-cookie_jar (0.0.7)
      faraday (>= 0.8.0)
      http-cookie (~> 1.0.0)
    faraday-em_http (1.0.0)
    faraday-em_synchrony (1.0.0)
    faraday-excon (1.1.0)
    faraday-httpclient (1.0.1)
    faraday-net_http (1.0.1)
    faraday-net_http_persistent (1.2.0)
    faraday-patron (1.0.0)
    faraday-rack (1.0.0)
    faraday_middleware (1.2.0)
      faraday (~> 1.0)
    fastimage (2.2.5)
    fastlane (2.212.2)
      CFPropertyList (>= 2.3, < 4.0.0)
      addressable (>= 2.8, < 3.0.0)
      artifactory (~> 3.0)
      aws-sdk-s3 (~> 1.0)
      babosa (>= 1.0.3, < 2.0.0)
      bundler (>= 1.12.0, < 3.0.0)
      colored
      commander (~> 4.6)
      dotenv (>= 2.1.1, < 3.0.0)
      emoji_regex (>= 0.1, < 4.0)
      excon (>= 0.71.0, < 1.0.0)
      faraday (~> 1.0)
      faraday-cookie_jar (~> 0.0.6)
      faraday_middleware (~> 1.0)
      fastimage (>= 2.1.0, < 3.0.0)
      gh_inspector (>= 1.1.2, < 2.0.0)
      google-apis-androidpublisher_v3 (~> 0.3)
      google-apis-playcustomapp_v1 (~> 0.1)
      google-cloud-storage (~> 1.31)
      highline (~> 2.0)
      json (< 3.0.0)
      jwt (>= 2.1.0, < 3)
      mini_magick (>= 4.9.4, < 5.0.0)
      multipart-post (~> 2.0.0)
      naturally (~> 2.2)
      optparse (~> 0.1.1)
      plist (>= 3.1.0, < 4.0.0)
      rubyzip (>= 2.0.0, < 3.0.0)
      security (= 0.1.3)
      simctl (~> 1.6.3)
      terminal-notifier (>= 2.0.0, < 3.0.0)
      terminal-table (>= 1.4.5, < 2.0.0)
      tty-screen (>= 0.6.3, < 1.0.0)
      tty-spinner (>= 0.8.0, < 1.0.0)
      word_wrap (~> 1.0.0)
      xcodeproj (>= 1.13.0, < 2.0.0)
      xcpretty (~> 0.3.0)
      xcpretty-travis-formatter (>= 0.0.3)
    ffi (1.15.5)
    fourflusher (2.3.1)
    fuzzy_match (2.0.4)
    gh_inspector (1.1.3)
    git (1.18.0)
      addressable (~> 2.8)
      rchardet (~> 1.8)
    git_clone_url (2.0.0)
      uri-ssh_git (>= 2.0)
    gli (2.21.0)
    google-apis-androidpublisher_v3 (0.41.0)
      google-apis-core (>= 0.11.0, < 2.a)
    google-apis-core (0.11.0)
      addressable (~> 2.5, >= 2.5.1)
      googleauth (>= 0.16.2, < 2.a)
      httpclient (>= 2.8.1, < 3.a)
      mini_mime (~> 1.0)
      representable (~> 3.0)
      retriable (>= 2.0, < 4.a)
      rexml
      webrick
    google-apis-iamcredentials_v1 (0.16.0)
      google-apis-core (>= 0.9.1, < 2.a)
    google-apis-playcustomapp_v1 (0.13.0)
      google-apis-core (>= 0.11.0, < 2.a)
    google-apis-storage_v1 (0.19.0)
      google-apis-core (>= 0.9.0, < 2.a)
    google-cloud-core (1.6.0)
      google-cloud-env (~> 1.0)
      google-cloud-errors (~> 1.0)
    google-cloud-env (1.6.0)
      faraday (>= 0.17.3, < 3.0)
    google-cloud-errors (1.3.1)
    google-cloud-storage (1.44.0)
      addressable (~> 2.8)
      digest-crc (~> 0.4)
      google-apis-iamcredentials_v1 (~> 0.1)
      google-apis-storage_v1 (~> 0.19.0)
      google-cloud-core (~> 1.6)
      googleauth (>= 0.16.2, < 2.a)
      mini_mime (~> 1.0)
    googleauth (1.5.2)
      faraday (>= 0.17.3, < 3.a)
      jwt (>= 1.4, < 3.0)
      memoist (~> 0.16)
      multi_json (~> 1.11)
      os (>= 0.9, < 2.0)
      signet (>= 0.16, < 2.a)
    highline (2.0.3)
    http-accept (1.7.0)
    http-cookie (1.0.5)
      domain_name (~> 0.5)
    httparty (0.21.0)
      mini_mime (>= 1.0.0)
      multi_xml (>= 0.5.2)
    httpclient (2.8.3)
    i18n (1.13.0)
      concurrent-ruby (~> 1.0)
    iniparse (1.5.0)
    ip_locator_cn (0.2.0)
    jmespath (1.6.1)
    json (2.6.3)
    jwt (2.7.0)
    lark-api (0.1.179)
      httparty
    lark_mod_manager (0.1.35)
      cocoapods
    lark_pipeline_core (0.1.188)
      datatea (>= 0.1.177)
      git
      gli
      json
      overcommit
      rest-client
      scaffoldutils (>= 0.1.166)
      sentry-raven
      versionomy
    listen (3.8.0)
      rb-fsevent (~> 0.10, >= 0.10.3)
      rb-inotify (~> 0.9, >= 0.9.10)
    mac_address (0.0.4)
      str_quote
    macaddr (1.7.2)
      systemu (~> 2.6.5)
    memoist (0.16.2)
    mime-types (3.4.1)
      mime-types-data (~> 3.2015)
    mime-types-data (3.2023.0218.1)
    mimemagic (0.3.5)
    mini_magick (4.12.0)
    mini_mime (1.1.2)
    minitest (5.18.1)
    mixlib-shellout (3.2.7)
      chef-utils
    molinillo (0.8.0)
    multi_json (1.15.0)
    multi_xml (0.6.0)
    multipart-post (2.0.0)
    nanaimo (0.3.0)
    nap (1.1.0)
    naturally (2.2.1)
    netrc (0.11.0)
    optparse (0.1.1)
    os (1.1.4)
    overcommit (0.60.0)
      childprocess (>= 0.6.3, < 5)
      iniparse (~> 1.4)
      rexml (~> 3.2)
    parallel (1.23.0)
    parseconfig (1.1.2)
    parslet (2.0.0)
    plist (3.7.0)
    pod_group (0.2.6)
      colored2
      molinillo
      rubycli
    public_suffix (4.0.7)
    rake (13.0.6)
    rb-fsevent (0.11.2)
    rb-inotify (0.10.1)
      ffi (~> 1.0)
    rchardet (1.8.0)
    representable (3.1.1)
      declarative (< 0.1.0)
      trailblazer-option (>= 0.1.1, < 0.2.0)
      uber (< 0.2.0)
    rest-client (2.1.0)
      http-accept (>= 1.7.0, < 2.0)
      http-cookie (>= 1.0.2, < 2.0)
      mime-types (>= 1.16, < 4.0)
      netrc (~> 0.8)
    retriable (3.1.2)
    rexml (3.2.5)
    rouge (2.0.7)
    ruby-graphviz (1.2.5)
      rexml
    ruby-macho (2.5.1)
    ruby2_keywords (0.0.5)
    rubycli (0.2.6)
    rubyzip (2.3.2)
    scaffoldutils (0.1.175)
      buff-ignore (>= 1.2.0, < 2.0)
      colored2 (~> 3.1)
      mixlib-shellout
      uuid
    security (0.1.3)
    seer (1.0.0)
      cocoapods (>= 1.7.0)
    seer-hummer-apm (0.0.37)
      cocoapods (>= 1.7.0)
      seer
      seer-hummer-hooks (>= 0.0.39)
      seer-hummer-trace-tools (>= 0.0.14)
    seer-hummer-hooks (0.0.44)
      cocoapods (>= 1.7.0)
      seer
      seer-hummer-trace-tools (>= 0.0.14)
    seer-hummer-trace-tools (0.0.15)
      cocoapods (>= 1.7.0)
      seer
    seer-optimize (1.0.2.alpha.24)
      aweme-tos
      cocoapods (>= 1.7.0)
      cocoapods-optimize (= 3.0.0.seer.3)
      work_queue
    sentry-raven (3.1.2)
      faraday (>= 1.0)
    signet (0.16.1)
      addressable (~> 2.8)
      faraday (>= 0.17.5, < 3.0)
      jwt (>= 1.5, < 3.0)
      multi_json (~> 1.10)
    simctl (1.6.10)
      CFPropertyList
      naturally
    starling_i18n (0.1.4)
      bdconsul (>= 0.2.0)
    starling_i18n-ios-lark (0.1.11)
      starling_i18n
    str_quote (0.0.3)
    strings-ansi (0.2.0)
    systemu (2.6.5)
    terminal-notifier (2.0.0)
    terminal-table (1.8.0)
      unicode-display_width (~> 1.1, >= 1.1.1)
    toml (0.3.0)
      parslet (>= 1.8.0, < 3.0.0)
    tos (0.1.198)
      faraday_middleware (~> 1.0)
    toscli (0.1.208)
      scaffoldutils (>= 0.1.166)
      tos (>= 0.1.177)
      tty-progressbar
      uuid (>= 2.3.0, < 3.0)
    trailblazer-option (0.1.2)
    tty-cursor (0.7.1)
    tty-progressbar (0.18.2)
      strings-ansi (~> 0.2)
      tty-cursor (~> 0.7)
      tty-screen (~> 0.8)
      unicode-display_width (>= 1.6, < 3.0)
    tty-screen (0.8.1)
    tty-spinner (0.9.3)
      tty-cursor (~> 0.7)
    typhoeus (1.4.0)
      ethon (>= 0.9.0)
    tzinfo (2.0.6)
      concurrent-ruby (~> 1.0)
    uber (0.1.0)
    unf (0.1.4)
      unf_ext
    unf_ext (0.0.8.2)
    unicode-display_width (1.8.0)
    uri-ssh_git (2.0.0)
    uuid (2.3.9)
      macaddr (~> 1.0)
    versionomy (0.5.0)
      blockenspiel (~> 0.5)
    webrick (1.8.1)
    word_wrap (1.0.0)
    work_queue (2.5.4)
    xcode-build-times (0.1.1)
      xcodeproj (~> 1.5, >= 1.5.3)
    xcodeproj (1.22.0)
      CFPropertyList (>= 2.3.3, < 4.0)
      atomos (~> 0.1.3)
      claide (>= 1.0.2, < 2.0)
      colored2 (~> 3.1)
      nanaimo (~> 0.3.0)
      rexml (~> 3.2.4)
    xcpretty (0.3.1.1)
      rouge (~> 2.0.7)
    xcpretty-travis-formatter (1.0.1)
      xcpretty (~> 0.2, >= 0.0.7)

PLATFORMS
  arm64-darwin-21
  ruby

DEPENDENCIES
  EEScaffold
  cocoapods (= 1.12.0)
  cocoapods-remote-resolve (>= 0.1.2)
  ffi (= 1.15.5)
  lark-project!
  lark_mod_manager
  mimemagic (= 0.3.5)
  seer-hummer-apm (~> 0.0.17)
  seer-optimize (= 1.0.2.alpha.24)
  toml
  xcode-build-times
  xcpretty (= 0.3.1.1)

BUNDLED WITH
   2.4.5
